GEM
  remote: https://rubygems.org/
  specs:
    chunky_png (1.2.5)
    compass (0.11.6)
      chunky_png (~> 1.2)
      fssm (>= 0.2.7)
      sass (~> 3.1)
    fillertext (0.1.1)
    fssm (0.2.7)
    grid-coordinates (1.1.9)
      compass (>= 0.11.5)
    haml (3.1.4)
    rack (1.4.0)
    rake (0.9.2)
    sass (3.1.12)
    shotgun (0.9)
      rack (>= 1.0)
    sinatra (1.2.7)
      rack (~> 1.1)
      tilt (>= 1.2.2, < 2.0)
    tilt (1.3.3)

PLATFORMS
  ruby

DEPENDENCIES
  compass
  fillertext
  grid-coordinates (~> 1.1.4)
  haml
  rake
  sass
  shotgun
  sinatra

RUBY VERSION
   ruby 2.7.6p219

BUNDLED WITH
   2.3.26
